PATH
  remote: .
  specs:
    sinonjs-rails (0.0.1)

GEM
  remote: http://rubygems.org/
  specs:
    rake (0.9.2.2)

PLATFORMS
  ruby

DEPENDENCIES
  rake
  sinonjs-rails!
